GEM
  remote: https://rubygems.org/
  specs:
    sparkr (0.4.1)

PLATFORMS
  ruby

DEPENDENCIES
  sparkr
